GEM
  remote: http://rubygems.org/
  specs:
    addressable (2.3.2)
    em-websocket (0.3.8)
      addressable (>= 2.1.1)
      eventmachine (>= 0.12.9)
    eventmachine (1.0.0)
    guard (1.4.0)
      listen (>= 0.4.2)
      thor (>= 0.14.6)
    guard-livereload (1.0.1)
      em-websocket (>= 0.2.0)
      guard (>= 1.1.0)
      multi_json (~> 1.0)
    listen (0.5.3)
    multi_json (1.3.6)
    rack (1.4.1)
    rack-livereload (0.3.8)
      rack
    thor (0.16.0)

PLATFORMS
  ruby

DEPENDENCIES
  guard-livereload
  rack-livereload
